GIT
  remote: git://github.com/sinatra/sinatra.git
  revision: be4bddaa98ecb5b84a540ad721787f372e1b2d1c
  specs:
    sinatra (1.4.3)
      rack (~> 1.4)
      rack-protection (~> 1.4)
      tilt (~> 1.3, >= 1.3.4)

GEM
  remote: https://rubygems.org/
  specs:
    faraday (0.8.8)
      multipart-post (~> 1.2.0)
    multipart-post (1.2.0)
    rack (1.5.2)
    rack-protection (1.5.0)
      rack
    tilt (1.4.1)

PLATFORMS
  ruby

DEPENDENCIES
  faraday
  sinatra!